GEM
  remote: https://www.rubygems.org/
  specs:
    coderay (1.1.2)
    colorize (0.8.1)
    method_source (0.9.0)
    pry (0.11.3)
      coderay (~> 1.1.0)
      method_source (~> 0.9.0)
    terminal-table (1.8.0)
      unicode-display_width (~> 1.1, >= 1.1.1)
    unicode-display_width (1.4.0)

PLATFORMS
  ruby

DEPENDENCIES
  colorize
  pry
  terminal-table

BUNDLED WITH
   1.16.6
